GIT
  remote: git://github.com/rstacruz/sinatra-assetpack.git
  revision: 279853a16884579f31a213d9ea64b06c1e427955
  specs:
    sinatra-assetpack (0.3.3)
      jsmin
      rack-test
      sinatra
      tilt (>= 1.3.0, < 2.0)

GEM
  remote: http://rubygems.org/
  specs:
    backports (3.6.0)
    bcrypt (3.1.7)
    daemons (1.1.9)
    diff-lcs (1.2.5)
    encrypted_cookie (0.0.4)
    eventmachine (1.0.3)
    execjs (2.1.0)
    haml (4.0.5)
      tilt
    jsmin (1.0.1)
    json (1.8.1)
    multi_json (1.10.1)
    pg (0.17.1)
    rack (1.5.2)
    rack-protection (1.5.3)
      rack
    rack-test (0.6.2)
      rack (>= 1.0)
    rake (10.3.2)
    rspec (2.14.1)
      rspec-core (~> 2.14.0)
      rspec-expectations (~> 2.14.0)
      rspec-mocks (~> 2.14.0)
    rspec-core (2.14.8)
    rspec-expectations (2.14.5)
      diff-lcs (>= 1.1.3, < 2.0)
    rspec-mocks (2.14.6)
    sequel (4.15.0)
    sinatra (1.4.5)
      rack (~> 1.4)
      rack-protection (~> 1.4)
      tilt (~> 1.3, >= 1.3.4)
    sinatra-contrib (1.4.2)
      backports (>= 2.0)
      multi_json
      rack-protection
      rack-test
      sinatra (~> 1.4.0)
      tilt (~> 1.3)
    sinatra-reloader (1.0)
      sinatra-contrib
    thin (1.6.2)
      daemons (>= 1.0.9)
      eventmachine (>= 1.0.0)
      rack (>= 1.0.0)
    tilt (1.4.1)
    uglifier (2.5.0)
      execjs (>= 0.3.0)
      json (>= 1.8.0)

PLATFORMS
  ruby

DEPENDENCIES
  bcrypt
  encrypted_cookie
  haml
  pg
  rack-test
  rake
  rspec
  sequel
  sinatra
  sinatra-assetpack!
  sinatra-reloader
  thin
  uglifier
